GEM
  remote: https://rubygems.org/
  specs:
    activemodel (5.1.1)
      activesupport (= 5.1.1)
    activerecord (5.1.1)
      activemodel (= 5.1.1)
      activesupport (= 5.1.1)
      arel (~> 8.0)
    activesupport (5.1.1)
      concurrent-ruby (~> 1.0, >= 1.0.2)
      i18n (~> 0.7)
      minitest (~> 5.1)
      tzinfo (~> 1.1)
    amq-protocol (2.2.0)
    arel (8.0.0)
    awesome_print (1.7.0)
    bunny (2.7.0)
      amq-protocol (>= 2.2.0)
    byebug (9.0.6)
    clockwork (2.0.2)
      activesupport
      tzinfo
    coderay (1.1.1)
    concurrent-ruby (1.0.5)
    diff-lcs (1.3)
    dotenv (2.2.1)
    environments (0.0.1)
    event_bus_rb (1.0.1)
      bunny (~> 2.7)
    i18n (0.8.4)
    method_source (0.8.2)
    minitest (5.10.2)
    pg (0.21.0)
    pry (0.10.4)
      coderay (~> 1.1.0)
      method_source (~> 0.8.1)
      slop (~> 3.4)
    pry-byebug (3.4.2)
      byebug (~> 9.0)
      pry (~> 0.10)
    pry-meta (0.0.10)
      awesome_print
      pry
      pry-byebug
      pry-remote
    pry-remote (0.1.8)
      pry (~> 0.9)
      slop (~> 3.0)
    puma (3.9.1)
    rake (10.5.0)
    rspec (3.6.0)
      rspec-core (~> 3.6.0)
      rspec-expectations (~> 3.6.0)
      rspec-mocks (~> 3.6.0)
    rspec-core (3.6.0)
      rspec-support (~> 3.6.0)
    rspec-expectations (3.6.0)
      diff-lcs (>= 1.2.0, < 2.0)
      rspec-support (~> 3.6.0)
    rspec-mocks (3.6.0)
      diff-lcs (>= 1.2.0, < 2.0)
      rspec-support (~> 3.6.0)
    rspec-support (3.6.0)
    slop (3.6.0)
    thread_safe (0.3.6)
    tomparse (0.4.2)
    tzinfo (1.2.3)
      thread_safe (~> 0.1)
    yard (0.9.9)
    yard-tomdoc (0.7.1)
      tomparse (>= 0.4.0)
      yard

PLATFORMS
  ruby

DEPENDENCIES
  activerecord
  clockwork
  dotenv (~> 2.1)
  environments
  event_bus_rb
  pg
  pry-meta (~> 0.0)
  puma (~> 3.2)
  rake (~> 10.5)
  rspec (~> 3.4)
  yard (~> 0.8)
  yard-tomdoc (~> 0.7)

RUBY VERSION
   ruby 2.4.1p111

BUNDLED WITH
   1.15.1
